GEM
  remote: http://rubygems.org/
  specs:
    activesupport (6.0.3.3)
      concurrent-ruby (~> 1.0, >= 1.0.2)
      i18n (>= 0.7, < 2)
      minitest (~> 5.1)
      tzinfo (~> 1.1)
      zeitwerk (~> 2.2, >= 2.2.2)
    bourne (1.2.1)
      mocha (= 0.12.7)
    concurrent-ruby (1.1.7)
    git (1.2.5)
    i18n (1.8.5)
      concurrent-ruby (~> 1.0)
    jeweler (1.8.4)
      bundler (~> 1.0)
      git (>= 1.2.5)
      rake
      rdoc
    json (1.7.5)
    metaclass (0.0.1)
    minitest (5.14.2)
    mocha (0.12.7)
      metaclass (~> 0.0.1)
    rake (0.9.2.2)
    rdoc (3.12)
      json (~> 1.4)
    shoulda (3.3.0)
      shoulda-context (~> 1.0)
      shoulda-matchers (~> 1.4)
    shoulda-context (1.0.0)
    shoulda-matchers (1.5.0)
      activesupport (>= 3.0.0)
      bourne (~> 1.2.0)
    thread_safe (0.3.6)
    tzinfo (1.2.7)
      thread_safe (~> 0.1)
    zeitwerk (2.4.0)

PLATFORMS
  ruby

DEPENDENCIES
  jeweler (~> 1.8.4)
  mocha
  rdoc (~> 3.12)
  shoulda
